# Gemfile.lock allows  to specify the versions of the dependencies that application needs in the Gemfile
GEM
  remote: https://rubygems.org/
  specs:
    bundler (2.0.1)
    rake (13.0.3)

PLATFORMS
x86_64-linux
bundle lock --add-platform x86_64-linux
