GEM
  remote: https://rubygems.org/
  specs:
    bundler (2.0.1)
    rake (13.0.3)

PLATFORMS
x86_64-linux
bundle lock --add-platform x86_64-linux
